PATH
  remote: .
  specs:
    aws-app-settings (0.1.0)
      awesome_print (~> 2.0.0.pre2)
      byebug (~> 11.1, >= 11.1.3)
      mocha (~> 1.15)
      pry (~> 0.14.1)
      timecop (~> 0.9.5)
      vcr (~> 6.1)

GEM
  remote: https://rubygems.org/
  specs:
    awesome_print (2.0.0.pre2)
    byebug (11.1.3)
    coderay (1.1.3)
    method_source (1.0.0)
    mocha (1.15.0)
    power_assert (2.0.1)
    pry (0.14.1)
      coderay (~> 1.1)
      method_source (~> 1.0)
    rake (13.0.6)
    test-unit (3.5.3)
      power_assert
    timecop (0.9.5)
    vcr (6.1.0)

PLATFORMS
  x86_64-linux

DEPENDENCIES
  aws-app-settings!
  rake (~> 13.0)
  test-unit (~> 3.0)

BUNDLED WITH
   2.3.19
